GEM
  remote: http://rubygems.org/
  specs:
    backports (3.3.4)
    builder (3.0.4)
    daemons (1.1.9)
    diff-lcs (1.2.4)
    eventmachine (1.0.3-x86-mingw32)
    jwt (0.1.8)
      multi_json (>= 1.5)
    multi_json (1.8.2)
    rack (1.5.2)
    rack-protection (1.5.0)
      rack
    rack-test (0.6.2)
      rack (>= 1.0)
    rake (10.1.0)
    rspec (2.14.1)
      rspec-core (~> 2.14.0)
      rspec-expectations (~> 2.14.0)
      rspec-mocks (~> 2.14.0)
    rspec-core (2.14.6)
    rspec-expectations (2.14.3)
      diff-lcs (>= 1.1.3, < 2.0)
    rspec-mocks (2.14.4)
    sinatra (1.4.3)
      rack (~> 1.4)
      rack-protection (~> 1.4)
      tilt (~> 1.3, >= 1.3.4)
    sinatra-contrib (1.4.1)
      backports (>= 2.0)
      multi_json
      rack-protection
      rack-test
      sinatra (~> 1.4.0)
      tilt (~> 1.3)
    thin (1.6.0)
      daemons (>= 1.0.9)
      eventmachine (>= 1.0.0)
      rack (>= 1.5.0)
    tilt (1.4.1)
    tiny_tds (0.6.1-x86-mingw32)
    twilio-ruby (3.11.4)
      builder (>= 2.1.2)
      jwt (>= 0.1.2)
      multi_json (>= 1.3.0)

PLATFORMS
  x86-mingw32

DEPENDENCIES
  rack-test
  rake
  rspec
  rspec-mocks
  sinatra
  sinatra-contrib
  thin
  tiny_tds
  twilio-ruby
